PATH
  remote: .
  specs:
    arium (0.0.0)
      activesupport (~> 4.2.0)
      chunky_png (~> 1.3.3)
      colorize (~> 0.7.5)
      whenever (~> 0.9.4)

GEM
  remote: https://rubygems.org/
  specs:
    activesupport (4.2.0)
      i18n (~> 0.7)
      json (~> 1.7, >= 1.7.7)
      minitest (~> 5.1)
      thread_safe (~> 0.3, >= 0.3.4)
      tzinfo (~> 1.1)
    chronic (0.10.2)
    chunky_png (1.3.4)
    coderay (1.1.0)
    colorize (0.7.5)
    i18n (0.7.0)
    json (1.8.2)
    method_source (0.8.2)
    minitest (5.5.1)
    pry (0.10.1)
      coderay (~> 1.1.0)
      method_source (~> 0.8.1)
      slop (~> 3.4)
    slop (3.6.0)
    thread_safe (0.3.4)
    tzinfo (1.2.2)
      thread_safe (~> 0.1)
    whenever (0.9.4)
      chronic (>= 0.6.3)

PLATFORMS
  ruby

DEPENDENCIES
  arium!
  pry (~> 0.10.1)
