PATH
  remote: .
  specs:
    arium (0.0.0)
      chunky_png (~> 1.3.3)
      colorize (~> 0.7.5)
      whenever (~> 0.9.4)

GEM
  remote: https://rubygems.org/
  specs:
    chronic (0.10.2)
    chunky_png (1.3.3)
    coderay (1.1.0)
    colorize (0.7.5)
    method_source (0.8.2)
    pry (0.10.1)
      coderay (~> 1.1.0)
      method_source (~> 0.8.1)
      slop (~> 3.4)
    slop (3.6.0)
    whenever (0.9.4)
      chronic (>= 0.6.3)

PLATFORMS
  ruby

DEPENDENCIES
  arium!
  pry (~> 0.10.1)
